GEM
  remote: https://bitgamelabs.jfrog.io/bitgamelabs/api/gems/gaming-ruby/
  specs:
    amq-protocol (2.2.0)
    bunny (2.6.7)
      amq-protocol (~> 2.2.0)

PLATFORMS
  ruby

DEPENDENCIES
  bunny (~> 2.6.4)

RUBY VERSION
   ruby 2.4.1p111

BUNDLED WITH
   1.16.4
